PATH
  remote: .
  specs:
    rack-throttle (0.7.1)
      bundler (>= 1.0.0)
      rack (>= 1.0.0)

GEM
  remote: http://rubygems.org/
  specs:
    diff-lcs (1.3)
    rack (2.2.2)
    rack-test (1.1.0)
      rack (>= 1.0, < 3)
    rspec (3.9.0)
      rspec-core (~> 3.9.0)
      rspec-expectations (~> 3.9.0)
      rspec-mocks (~> 3.9.0)
    rspec-core (3.9.1)
      rspec-support (~> 3.9.1)
    rspec-expectations (3.9.0)
      diff-lcs (>= 1.2.0, < 2.0)
      rspec-support (~> 3.9.0)
    rspec-mocks (3.9.1)
      diff-lcs (>= 1.2.0, < 2.0)
      rspec-support (~> 3.9.0)
    rspec-support (3.9.2)
    timecop (0.9.1)
    yard (0.9.24)

PLATFORMS
  ruby

DEPENDENCIES
  rack-test
  rack-throttle!
  rspec
  timecop
  yard

BUNDLED WITH
   2.0.2
